GEM
  remote: https://rubygems.org/
  specs:
    oj (2.0.10)

PLATFORMS
  ruby

DEPENDENCIES
  oj (~> 2.0.10)
